GEM
  remote: https://rubygems.org/
  specs:
    aws-sdk (2.6.35)
      aws-sdk-resources (= 2.6.35)
    aws-sdk-core (2.6.35)
      aws-sigv4 (~> 1.0)
      jmespath (~> 1.0)
    aws-sdk-resources (2.6.35)
      aws-sdk-core (= 2.6.35)
    aws-sigv4 (1.0.0)
    jmespath (1.3.1)
    mixlib-cli (1.7.0)
    mixlib-shellout (2.2.7)

PLATFORMS
  ruby

DEPENDENCIES
  aws-sdk (= 2.6.35)
  mixlib-cli
  mixlib-shellout
